GEM
  remote: https://rubygems.org/
  specs:
    appium_lib (9.1.1)
      awesome_print (~> 1.6)
      json (>= 1.8)
      nokogiri (~> 1.6, >= 1.6.6)
      selenium-webdriver (~> 3.0, >= 3.0.2)
      tomlrb (~> 1.1)
    awesome_print (1.7.0)
    childprocess (0.5.9)
      ffi (~> 1.0, >= 1.0.11)
    diff-lcs (1.2.5)
    domain_name (0.5.20161129)
      unf (>= 0.0.5, < 1.0.0)
    ffi (1.9.14)
    http-cookie (1.0.3)
      domain_name (~> 0.5)
    json (2.0.2)
    mime-types (3.1)
      mime-types-data (~> 3.2015)
    mime-types-data (3.2016.0521)
    mini_portile2 (2.1.0)
    netrc (0.11.0)
    nokogiri (1.6.8.1)
      mini_portile2 (~> 2.1.0)
    rake (12.0.0)
    rest-client (2.0.0)
      http-cookie (>= 1.0.2, < 2.0)
      mime-types (>= 1.16, < 4.0)
      netrc (~> 0.8)
    rspec (3.5.0)
      rspec-core (~> 3.5.0)
      rspec-expectations (~> 3.5.0)
      rspec-mocks (~> 3.5.0)
    rspec-core (3.5.4)
      rspec-support (~> 3.5.0)
    rspec-expectations (3.5.0)
      diff-lcs (>= 1.2.0, < 2.0)
      rspec-support (~> 3.5.0)
    rspec-mocks (3.5.0)
      diff-lcs (>= 1.2.0, < 2.0)
      rspec-support (~> 3.5.0)
    rspec-support (3.5.0)
    rubyzip (1.2.0)
    sauce_whisk (0.0.12)
      rest-client
    selenium-webdriver (3.0.3)
      childprocess (~> 0.5)
      rubyzip (~> 1.0)
      websocket (~> 1.0)
    tomlrb (1.2.3)
    unf (0.1.4)
      unf_ext
    unf_ext (0.0.7.2)
    websocket (1.2.3)

PLATFORMS
  ruby

DEPENDENCIES
  appium_lib
  rake
  rspec
  sauce_whisk

BUNDLED WITH
   1.12.5
